GIT
  remote: https://github.com/rack/rack
  revision: 9d25a133fa7651e60e23a46ef0b732fd131d3458
  specs:
    rack (2.1.0)

GEM
  remote: https://rubygems.org/
  specs:
    awesome_print (1.8.0)
    coderay (1.1.2)
    hashie (3.6.0)
    method_source (0.9.2)
    mustermann (1.0.3)
    pry (0.12.2)
      coderay (~> 1.1.0)
      method_source (~> 0.9.0)
    rack-protection (2.0.5)
      rack
    sinatra (2.0.5)
      mustermann (~> 1.0)
      rack (~> 2.0)
      rack-protection (= 2.0.5)
      tilt (~> 2.0)
    tilt (2.0.9)

PLATFORMS
  ruby

DEPENDENCIES
  awesome_print (~> 1.8)
  hashie
  pry
  rack!
  sinatra

BUNDLED WITH
   2.0.1
